GEM
  remote: http://rubygems.org/
  specs:
    activesupport (3.0.1)
    bson (1.1.2)
    bson_ext (1.1.2)
    columnize (0.3.2)
    diff-lcs (1.1.2)
    git (1.2.5)
    i18n (0.4.2)
    jeweler (1.5.1)
      bundler (~> 1.0.0)
      git (>= 1.2.5)
      rake
    jnunemaker-validatable (1.8.4)
      activesupport (>= 2.3.4)
    linecache (0.43)
    log_buddy (0.5.0)
    mongo (1.1.2)
      bson (>= 1.1.1)
    mongo_ext (0.19.3)
    mongo_mapper (0.8.6)
      activesupport (>= 2.3.4)
      jnunemaker-validatable (~> 1.8.4)
      plucky (~> 0.3.6)
    plucky (0.3.6)
      mongo (~> 1.1)
    rake (0.8.7)
    rcov (0.9.9)
    rspec (2.1.0)
      rspec-core (~> 2.1.0)
      rspec-expectations (~> 2.1.0)
      rspec-mocks (~> 2.1.0)
    rspec-core (2.1.0)
    rspec-expectations (2.1.0)
      diff-lcs (~> 1.1.2)
    rspec-mocks (2.1.0)
    ruby-debug (0.10.4)
      columnize (>= 0.1)
      ruby-debug-base (~> 0.10.4.0)
    ruby-debug-base (0.10.4)
      linecache (>= 0.3)
    yard (0.6.2)

PLATFORMS
  ruby

DEPENDENCIES
  bson_ext (= 1.1.2)
  bundler (~> 1.0.0)
  i18n
  jeweler (~> 1.5.1)
  log_buddy
  mongo (= 1.1.2)
  mongo_ext
  mongo_mapper
  rcov
  rspec (~> 2.1.0)
  ruby-debug
  yard (~> 0.6.0)
